GEM
  remote: https://rubygems.org/
  specs:
    json (2.0.2)
    minitest (5.10.1)

PLATFORMS
  ruby

DEPENDENCIES
  json
  minitest

BUNDLED WITH
   1.16.1
